GIT
  remote: git@github.com:zendesk/zendesk_deployment.git
  revision: dec86d72a2b5f1602f8505a3616b1ba47bdc4284
  ref: v1.7.1
  specs:
    zendesk_deployment (1.7.1)
      capistrano (< 3.0.0)
      deep_merge

GIT
  remote: https://github.com/dasch/sawyer.git
  revision: d71998f5829007ccd911adf17cf695d604d13619
  branch: dasch/fix-marshal-problem
  specs:
    sawyer (0.5.3)
      addressable (~> 2.3.5)
      faraday (~> 0.8, < 0.10)

GEM
  remote: https://rubygems.org/
  specs:
    actionmailer (4.0.3)
      actionpack (= 4.0.3)
      mail (~> 2.5.4)
    actionpack (4.0.3)
      activesupport (= 4.0.3)
      builder (~> 3.1.0)
      erubis (~> 2.7.0)
      rack (~> 1.5.2)
      rack-test (~> 0.6.2)
    active_hash (1.2.3)
      activesupport (>= 2.2.2)
    active_model_serializers (0.8.1)
      activemodel (>= 3.0)
    activemodel (4.0.3)
      activesupport (= 4.0.3)
      builder (~> 3.1.0)
    activerecord (4.0.3)
      activemodel (= 4.0.3)
      activerecord-deprecated_finders (~> 1.0.2)
      activesupport (= 4.0.3)
      arel (~> 4.0.0)
    activerecord-deprecated_finders (1.0.3)
    activeresource (4.0.0)
      activemodel (~> 4.0)
      activesupport (~> 4.0)
      rails-observers (~> 0.1.1)
    activesupport (4.0.3)
      i18n (~> 0.6, >= 0.6.4)
      minitest (~> 4.2)
      multi_json (~> 1.3)
      thread_safe (~> 0.1)
      tzinfo (~> 0.3.37)
    addressable (2.3.5)
    airbrake (3.1.15)
      builder
      multi_json
    angularjs-rails (1.2.13)
    ansible (0.2.0)
    arel (4.0.2)
    atomic (1.1.14)
    atomic (1.1.14-java)
    better_errors (1.1.0)
      coderay (>= 1.0.0)
      erubis (>= 2.6.6)
    binding_of_caller (0.7.2)
      debug_inspector (>= 0.0.1)
    bootstrap-sass (3.1.1.0)
      sass (~> 3.2)
    bootstrap-x-editable-rails (1.5.1.1)
      railties (>= 3.0)
    bourne (1.5.0)
      mocha (>= 0.13.2, < 0.15)
    builder (3.1.4)
    capistrano (2.15.5)
      highline
      net-scp (>= 1.0.0)
      net-sftp (>= 2.0.0)
      net-ssh (>= 2.0.14)
      net-ssh-gateway (>= 1.1.0)
    coderay (1.1.0)
    crack (0.4.2)
      safe_yaml (~> 1.0.0)
    dalli (2.7.0)
    debug_inspector (0.0.2)
    deep_merge (1.0.1)
    docile (1.1.3)
    dogapi (1.9.2)
      json (>= 1.5.1)
    dotenv (0.9.0)
    dotenv-rails (0.9.0)
      dotenv (= 0.9.0)
    erubis (2.7.0)
    execjs (2.0.2)
    faraday (0.9.0)
      multipart-post (>= 1.2, < 3)
    faraday-http-cache (0.4.0)
      faraday (~> 0.8)
    flowdock (0.3.1)
      httparty (~> 0.7)
      multi_json
    font-awesome-sass (4.0.2)
      sass-rails (>= 3.1.1)
    github-markdown (0.6.4)
    hashie (2.0.5)
    highline (1.6.20)
    hike (1.2.3)
    httparty (0.13.0)
      json (~> 1.8)
      multi_xml (>= 0.5.2)
    i18n (0.6.9)
    jbuilder (2.0.3)
      activesupport (>= 3.0.0)
      multi_json (>= 1.2.0)
    jquery-rails (3.1.0)
      railties (>= 3.0, < 5.0)
      thor (>= 0.14, < 2.0)
    jquery-ui-rails (4.2.0)
      railties (>= 3.2.16)
    json (1.8.1)
    json (1.8.1-java)
    jwt (0.1.11)
      multi_json (>= 1.5)
    kaminari (0.15.1)
      actionpack (>= 3.0.0)
      activesupport (>= 3.0.0)
    mail (2.5.4)
      mime-types (~> 1.16)
      treetop (~> 1.4.8)
    metaclass (0.0.2)
    mime-types (1.25.1)
    minitest (4.7.5)
    minitest-rails (0.9.2)
      minitest (~> 4.7)
      rails (>= 3.0)
    mocha (0.14.0)
      metaclass (~> 0.0.1)
    multi_json (1.8.4)
    multi_xml (0.5.5)
    multipart-post (2.0.0)
    mysql2 (0.3.15)
    net-scp (1.1.2)
      net-ssh (>= 2.6.5)
    net-sftp (2.1.2)
      net-ssh (>= 2.6.5)
    net-ssh (2.8.0)
    net-ssh-gateway (1.2.0)
      net-ssh (>= 2.6.5)
    newrelic_api (1.2.4)
    newrelic_rpm (3.7.2.195)
    oauth2 (0.9.3)
      faraday (>= 0.8, < 0.10)
      jwt (~> 0.1.8)
      multi_json (~> 1.3)
      multi_xml (~> 0.5)
      rack (~> 1.2)
    octokit (2.7.1)
      sawyer (~> 0.5.2)
    omniauth (1.2.1)
      hashie (>= 1.2, < 3)
      rack (~> 1.0)
    omniauth-github (1.1.1)
      omniauth (~> 1.0)
      omniauth-oauth2 (~> 1.1)
    omniauth-oauth2 (1.1.2)
      faraday (>= 0.8, < 0.10)
      multi_json (~> 1.3)
      oauth2 (~> 0.9.3)
      omniauth (~> 1.2)
    polyglot (0.3.4)
    puma (2.7.1)
      rack (>= 1.1, < 2.0)
    puma (2.7.1-java)
      rack (>= 1.1, < 2.0)
    rack (1.5.2)
    rack-test (0.6.2)
      rack (>= 1.0)
    rails (4.0.3)
      actionmailer (= 4.0.3)
      actionpack (= 4.0.3)
      activerecord (= 4.0.3)
      activesupport (= 4.0.3)
      bundler (>= 1.3.0, < 2.0)
      railties (= 4.0.3)
      sprockets-rails (~> 2.0.0)
    rails-observers (0.1.2)
      activemodel (~> 4.0)
    rails_12factor (0.0.2)
      rails_serve_static_assets
      rails_stdout_logging
    rails_serve_static_assets (0.0.2)
    rails_stdout_logging (0.0.3)
    railties (4.0.3)
      actionpack (= 4.0.3)
      activesupport (= 4.0.3)
      rake (>= 0.8.7)
      thor (>= 0.18.1, < 2.0)
    rake (10.1.1)
    rickshaw_rails (1.4.5)
      railties (>= 3.1.0)
    safe_yaml (1.0.1)
    sass (3.2.14)
    sass-rails (4.0.1)
      railties (>= 4.0.0, < 5.0)
      sass (>= 3.1.10)
      sprockets-rails (~> 2.0.0)
    simplecov (0.8.2)
      docile (~> 1.1.0)
      multi_json
      simplecov-html (~> 0.8.0)
    simplecov-html (0.8.0)
    soft_deletion (0.5.6)
    sprockets (2.10.1)
      hike (~> 1.2)
      multi_json (~> 1.0)
      rack (~> 1.0)
      tilt (~> 1.1, != 1.3.0)
    sprockets-rails (2.0.1)
      actionpack (>= 3.0)
      activesupport (>= 3.0)
      sprockets (~> 2.8)
    sqlite3 (1.3.8)
    state_machine (1.2.0)
    thor (0.18.1)
    thread_safe (0.1.3)
      atomic
    thread_safe (0.1.3-java)
      atomic
    tilt (1.4.1)
    treetop (1.4.15)
      polyglot
      polyglot (>= 0.3.1)
    tzinfo (0.3.38)
    uglifier (2.4.0)
      execjs (>= 0.3.0)
      json (>= 1.8.0)
    warden (1.2.3)
      rack (>= 1.0)
    webmock (1.17.3)
      addressable (>= 2.2.7)
      crack (>= 0.3.2)

PLATFORMS
  java
  ruby

DEPENDENCIES
  active_hash (~> 1.0)
  active_model_serializers (~> 0.8.0)
  activeresource
  airbrake
  angularjs-rails
  ansible
  better_errors
  binding_of_caller
  bootstrap-sass
  bootstrap-x-editable-rails
  bourne
  coderay (~> 1.1.0)
  dalli (~> 2.7.0)
  dogapi (~> 1.9.1)
  dotenv-rails (~> 0.9.0)
  faraday-http-cache (~> 0.3)
  flowdock (~> 0.3.1)
  font-awesome-sass
  github-markdown (~> 0.6.3)
  jbuilder
  jquery-rails
  jquery-ui-rails
  kaminari
  minitest-rails (~> 0.9)
  mysql2 (~> 0.3)
  newrelic_api
  newrelic_rpm (>= 3.7.1)
  octokit (~> 2.7.0)
  omniauth (~> 1.1)
  omniauth-github (~> 1.1)
  omniauth-oauth2 (~> 1.1)
  puma
  rails (= 4.0.3)
  rails_12factor
  rickshaw_rails
  sass-rails (~> 4.0.0)
  sawyer!
  simplecov
  soft_deletion (~> 0.4)
  sqlite3
  state_machine (~> 1.2)
  uglifier (>= 1.3.0)
  warden (~> 1.2)
  webmock
  zendesk_deployment!
